PATH
  remote: .
  specs:
    zaius (0.1.1)
      faraday (~> 0.10)

GEM
  remote: https://rubygems.org/
  specs:
    byebug (10.0.2)
    faraday (0.15.3)
      multipart-post (>= 1.2, < 3)
    minitest (5.11.3)
    multipart-post (2.0.0)
    rake (10.5.0)

PLATFORMS
  ruby

DEPENDENCIES
  bundler (~> 1.16)
  byebug
  minitest (~> 5.0)
  rake (~> 10.0)
  zaius!

BUNDLED WITH
   1.16.6
